GEM
  remote: http://rubygems.org/
  specs:
    mixlib-shellout (1.1.0)

PLATFORMS
  ruby

DEPENDENCIES
  mixlib-shellout
