PATH
  remote: .
  specs:
    ocrit (0.0.2)
      mixlib-shellout
      sqlite3
      thor

GEM
  remote: https://rubygems.org/
  specs:
    mixlib-shellout (1.1.0)
    sqlite3 (1.3.7)
    thor (0.18.1)

PLATFORMS
  ruby

DEPENDENCIES
  ocrit!
