PATH
  remote: .
  specs:
    ocrit (0.0.1)
      mixlib-shellout

GEM
  remote: http://rubygems.org/
  specs:
    mixlib-shellout (1.1.0)

PLATFORMS
  ruby

DEPENDENCIES
  ocrit!
